GEM
  remote: https://rubygems.org/
  specs:
    coderay (1.1.3)
    method_source (1.0.0)
    pastel (0.8.0)
      tty-color (~> 0.5)
    pry (0.14.1)
      coderay (~> 1.1)
      method_source (~> 1.0)
    strings-ansi (0.2.0)
    sudo (0.2.0)
    tty-color (0.6.0)
    tty-cursor (0.7.1)
    tty-progressbar (0.18.2)
      strings-ansi (~> 0.2)
      tty-cursor (~> 0.7)
      tty-screen (~> 0.8)
      unicode-display_width (>= 1.6, < 3.0)
    tty-screen (0.8.1)
    unicode-display_width (2.0.0)

PLATFORMS
  ruby

DEPENDENCIES
  pastel (~> 0.8.0)
  pry (~> 0.14.1)
  sudo (~> 0.2.0)
  tty-cursor (~> 0.7.1)
  tty-progressbar (~> 0.18.2)

BUNDLED WITH
   2.1.4
